GEM
  remote: https://rubygems.org/
  specs:
    crass (1.0.4)
    mini_portile2 (2.3.0)
    mustermann (1.0.2)
    mysql2 (0.5.2-x64-mingw32)
    nokogiri (1.8.4-x64-mingw32)
      mini_portile2 (~> 2.3.0)
    nokogumbo (1.5.0)
      nokogiri
    rack (2.0.5)
    rack-protection (2.0.3)
      rack
    sanitize (4.6.6)
      crass (~> 1.0.2)
      nokogiri (>= 1.4.4)
      nokogumbo (~> 1.4)
    sinatra (2.0.3)
      mustermann (~> 1.0)
      rack (~> 2.0)
      rack-protection (= 2.0.3)
      tilt (~> 2.0)
    tilt (2.0.8)

PLATFORMS
  x64-mingw32

DEPENDENCIES
  mysql2
  sanitize
  sinatra

RUBY VERSION
   ruby 2.4.4p296

BUNDLED WITH
   1.16.3
